GEM
  remote: https://rubygems.org/
  specs:
    concurrent-ruby (1.1.10)
    dry-configurable (1.0.0)
      dry-core (~> 1.0, < 2)
      zeitwerk (~> 2.6)
    dry-core (1.0.0)
      concurrent-ruby (~> 1.0)
      zeitwerk (~> 2.6)
    dry-inflector (1.0.0)
    dry-initializer (3.1.1)
    dry-logic (1.4.0)
      concurrent-ruby (~> 1.0)
      dry-core (~> 1.0, < 2)
      zeitwerk (~> 2.6)
    dry-schema (1.12.0)
      concurrent-ruby (~> 1.0)
      dry-configurable (~> 1.0, < 2)
      dry-core (~> 1.0, < 2)
      dry-initializer (~> 3.0)
      dry-logic (>= 1.4, < 2)
      dry-types (>= 1.7, < 2)
      zeitwerk (~> 2.6)
    dry-types (1.7.0)
      concurrent-ruby (~> 1.0)
      dry-core (~> 1.0, < 2)
      dry-inflector (~> 1.0, < 2)
      dry-logic (>= 1.4, < 2)
      zeitwerk (~> 2.6)
    faraday (1.10.2)
      faraday-em_http (~> 1.0)
      faraday-em_synchrony (~> 1.0)
      faraday-excon (~> 1.1)
      faraday-httpclient (~> 1.0)
      faraday-multipart (~> 1.0)
      faraday-net_http (~> 1.0)
      faraday-net_http_persistent (~> 1.0)
      faraday-patron (~> 1.0)
      faraday-rack (~> 1.0)
      faraday-retry (~> 1.0)
      ruby2_keywords (>= 0.0.4)
    faraday-em_http (1.0.0)
    faraday-em_synchrony (1.0.0)
    faraday-excon (1.1.0)
    faraday-httpclient (1.0.1)
    faraday-multipart (1.0.4)
      multipart-post (~> 2)
    faraday-net_http (1.0.1)
    faraday-net_http_persistent (1.2.0)
    faraday-patron (1.0.0)
    faraday-rack (1.0.0)
    faraday-retry (1.0.3)
    faraday_middleware (1.2.0)
      faraday (~> 1.0)
    multipart-post (2.2.3)
    ruby2_keywords (0.0.5)
    zeitwerk (2.6.6)

PLATFORMS
  x86_64-darwin-18

DEPENDENCIES
  dry-initializer
  dry-schema
  dry-types
  faraday
  faraday_middleware

BUNDLED WITH
   2.3.7
